PATH
  remote: .
  specs:
    caterpillar (0.1.1)
      mechanize

GEM
  remote: http://rubygems.org/
  specs:
    domain_name (0.5.4)
      unf (~> 0.0.3)
    fakeweb (1.3.0)
    mechanize (2.5.1)
      domain_name (~> 0.5, >= 0.5.1)
      mime-types (~> 1.17, >= 1.17.2)
      net-http-digest_auth (~> 1.1, >= 1.1.1)
      net-http-persistent (~> 2.5, >= 2.5.2)
      nokogiri (~> 1.4)
      ntlm-http (~> 0.1, >= 0.1.1)
      webrobots (~> 0.0, >= 0.0.9)
    metaclass (0.0.1)
    mime-types (1.19)
    mocha (0.12.7)
      metaclass (~> 0.0.1)
    net-http-digest_auth (1.2.1)
    net-http-persistent (2.8)
    nokogiri (1.5.5)
    ntlm-http (0.1.1)
    rake (0.9.2.2)
    rcov (0.9.11)
    unf (0.0.5)
      unf_ext
    unf_ext (0.0.5)
    vcr (2.2.5)
    webrobots (0.0.13)

PLATFORMS
  ruby

DEPENDENCIES
  caterpillar!
  fakeweb
  mocha
  rake
  rcov (= 0.9.11)
  vcr
